GEM
  remote: https://rubygems.org/
  specs:
    activesupport (7.2.2.1)
      base64
      benchmark (>= 0.3)
      bigdecimal
      concurrent-ruby (~> 1.0, >= 1.3.1)
      connection_pool (>= 2.2.5)
      drb
      i18n (>= 1.6, < 2)
      logger (>= 1.4.2)
      minitest (>= 5.1)
      securerandom (>= 0.3)
      tzinfo (~> 2.0, >= 2.0.5)
    addressable (2.8.7)
      public_suffix (>= 2.0.2, < 7.0)
    amazing_print (1.6.0)
    ast (2.4.2)
    base64 (0.2.0)
    benchmark (0.4.0)
    bigdecimal (3.1.8)
    bridgetown (2.0.0.beta3)
      bridgetown-builder (= 2.0.0.beta3)
      bridgetown-core (= 2.0.0.beta3)
      bridgetown-foundation (= 2.0.0.beta3)
      bridgetown-paginate (= 2.0.0.beta3)
    bridgetown-builder (2.0.0.beta3)
      bridgetown-core (= 2.0.0.beta3)
    bridgetown-core (2.0.0.beta3)
      activesupport (>= 6.0, < 8.0)
      addressable (~> 2.4)
      amazing_print (~> 1.2)
      bridgetown-foundation (= 2.0.0.beta3)
      csv (~> 3.2)
      dry-inflector (>= 1.0)
      erubi (~> 1.9)
      faraday (~> 2.0)
      faraday-follow_redirects (~> 0.3)
      i18n (~> 1.0)
      kramdown (~> 2.1)
      kramdown-parser-gfm (~> 1.0)
      liquid (>= 5.0, < 5.5)
      listen (~> 3.0)
      rack (>= 3.0)
      rackup (~> 2.0)
      rake (>= 13.0)
      roda (~> 3.46)
      rouge (>= 3.0, < 5.0)
      serbea (~> 2.1)
      signalize (~> 1.3)
      streamlined (>= 0.6.0)
      thor (~> 1.1)
      tilt (~> 2.0)
      zeitwerk (~> 2.5)
    bridgetown-foundation (2.0.0.beta3)
      hash_with_dot_access (~> 2.0)
      inclusive (~> 1.0)
      zeitwerk (~> 2.5)
    bridgetown-paginate (2.0.0.beta3)
      bridgetown-core (= 2.0.0.beta3)
    bridgetown-quick-search (3.0.3)
      bridgetown (>= 1.2.0.beta2, < 3.0)
    commonmarker (2.0.4)
      rb_sys (~> 0.9)
    commonmarker (2.0.4-aarch64-linux)
    commonmarker (2.0.4-arm64-darwin)
    commonmarker (2.0.4-x86_64-darwin)
    commonmarker (2.0.4-x86_64-linux)
    concurrent-ruby (1.3.4)
    connection_pool (2.4.1)
    csv (3.3.1)
    dotenv (3.1.6)
    down (5.4.2)
      addressable (~> 2.8)
    drb (2.2.1)
    dry-inflector (1.1.0)
    erubi (1.13.0)
    faraday (2.12.2)
      faraday-net_http (>= 2.0, < 3.5)
      json
      logger
    faraday-follow_redirects (0.3.0)
      faraday (>= 1, < 3)
    faraday-net_http (3.4.0)
      net-http (>= 0.5.0)
    ferrum (0.16)
      addressable (~> 2.5)
      base64 (~> 0.2)
      concurrent-ruby (~> 1.1)
      webrick (~> 1.7)
      websocket-driver (~> 0.7)
    ffi (1.17.0)
    ffi (1.17.0-aarch64-linux-gnu)
    ffi (1.17.0-aarch64-linux-musl)
    ffi (1.17.0-arm-linux-gnu)
    ffi (1.17.0-arm-linux-musl)
    ffi (1.17.0-arm64-darwin)
    ffi (1.17.0-x86-linux-gnu)
    ffi (1.17.0-x86-linux-musl)
    ffi (1.17.0-x86_64-darwin)
    ffi (1.17.0-x86_64-linux-gnu)
    ffi (1.17.0-x86_64-linux-musl)
    hash_with_dot_access (2.1.1)
    i18n (1.14.6)
      concurrent-ruby (~> 1.0)
    inclusive (1.0.0)
    json (2.9.0)
    kramdown (2.5.1)
      rexml (>= 3.3.9)
    kramdown-parser-gfm (1.1.0)
      kramdown (~> 2.0)
    language_server-protocol (3.17.0.3)
    lint_roller (1.1.0)
    liquid (5.4.0)
    listen (3.9.0)
      rb-fsevent (~> 0.10, >= 0.10.3)
      rb-inotify (~> 0.9, >= 0.9.10)
    logger (1.6.3)
    minitest (5.25.4)
    net-http (0.6.0)
      uri
    nio4r (2.7.4)
    parallel (1.26.3)
    parser (3.3.6.0)
      ast (~> 2.4.1)
      racc
    public_suffix (6.0.1)
    puma (6.5.0)
      nio4r (~> 2.0)
    racc (1.8.1)
    rack (3.1.8)
    rackup (2.2.1)
      rack (>= 3)
    rainbow (3.1.1)
    rake (13.2.1)
    rake-compiler-dock (1.9.1)
    rb-fsevent (0.11.2)
    rb-inotify (0.11.1)
      ffi (~> 1.0)
    rb_sys (0.9.110)
      rake-compiler-dock (= 1.9.1)
    regexp_parser (2.9.3)
    rexml (3.4.0)
    roda (3.86.0)
      rack
    rouge (4.5.1)
    rubocop (1.69.2)
      json (~> 2.3)
      language_server-protocol (>= 3.17.0)
      parallel (~> 1.10)
      parser (>= 3.3.0.2)
      rainbow (>= 2.2.2, < 4.0)
      regexp_parser (>= 2.9.3, < 3.0)
      rubocop-ast (>= 1.36.2, < 2.0)
      ruby-progressbar (~> 1.7)
      unicode-display_width (>= 2.4.0, < 4.0)
    rubocop-ast (1.37.0)
      parser (>= 3.3.1.0)
    rubocop-performance (1.23.0)
      rubocop (>= 1.48.1, < 2.0)
      rubocop-ast (>= 1.31.1, < 2.0)
    ruby-progressbar (1.13.0)
    securerandom (0.4.0)
    serbea (2.2.0)
      erubi (>= 1.10)
      tilt (~> 2.0)
    signalize (1.3.0)
      concurrent-ruby (~> 1.2)
    standard (1.43.0)
      language_server-protocol (~> 3.17.0.2)
      lint_roller (~> 1.0)
      rubocop (~> 1.69.1)
      standard-custom (~> 1.0.0)
      standard-performance (~> 1.6)
    standard-custom (1.0.2)
      lint_roller (~> 1.0)
      rubocop (~> 1.50)
    standard-performance (1.6.0)
      lint_roller (~> 1.1)
      rubocop-performance (~> 1.23.0)
    standardrb (1.0.1)
      standard
    streamlined (0.6.0)
      serbea (>= 2.1)
      zeitwerk (~> 2.5)
    thor (1.3.2)
    tilt (2.4.0)
    tzinfo (2.0.6)
      concurrent-ruby (~> 1.0)
    unicode-display_width (3.1.2)
      unicode-emoji (~> 4.0, >= 4.0.4)
    unicode-emoji (4.0.4)
    uri (1.0.2)
    webrick (1.9.1)
    websocket-driver (0.7.7)
      base64
      websocket-extensions (>= 0.1.0)
    websocket-extensions (0.1.5)
    zeitwerk (2.7.1)

PLATFORMS
  aarch64-linux-gnu
  aarch64-linux-musl
  arm-linux-gnu
  arm-linux-musl
  arm64-darwin
  ruby
  x86-linux-gnu
  x86-linux-musl
  x86_64-darwin
  x86_64-linux
  x86_64-linux-gnu
  x86_64-linux-musl

DEPENDENCIES
  bridgetown (= 2.0.0.beta3)
  bridgetown-quick-search (~> 3.0)
  commonmarker (~> 2.0)
  dotenv (~> 3.0)
  down (~> 5.2)
  faraday (~> 2.0)
  ferrum (~> 0.16)
  puma (< 7)
  standardrb (~> 1.0)

BUNDLED WITH
   2.5.23
